GIT
  remote: https://github.com/onlyoffice-testing-robot/onlyoffice_bugzilla_helper.git
  revision: 698ab947b9f9d85710a4649cb36966ad37d3a8af
  specs:
    onlyoffice_bugzilla_helper (0.2.0)

GEM
  remote: https://rubygems.org/
  specs:
    backports (3.11.4)
    concurrent-ruby (1.1.5)
    diff-lcs (1.3)
    equatable (0.6.0)
    faker (1.9.4)
      i18n (>= 0.7)
      pastel (~> 0.7.2)
      thor (~> 0.20.0)
      tty-pager (~> 0.12.0)
      tty-screen (~> 0.6.5)
      tty-tree (~> 0.3.0)
    i18n (1.6.0)
      concurrent-ruby (~> 1.0)
    multi_json (1.13.1)
    mustermann (1.0.3)
    nio4r (2.3.1)
    pastel (0.7.3)
      equatable (~> 0.6)
      tty-color (~> 0.5)
    puma (4.0.0)
      nio4r (~> 2.0)
    rack (2.0.6)
    rack-protection (2.0.5)
      rack
    redis (4.1.0)
    rspec (3.8.0)
      rspec-core (~> 3.8.0)
      rspec-expectations (~> 3.8.0)
      rspec-mocks (~> 3.8.0)
    rspec-core (3.8.0)
      rspec-support (~> 3.8.0)
    rspec-expectations (3.8.2)
      diff-lcs (>= 1.2.0, < 2.0)
      rspec-support (~> 3.8.0)
    rspec-mocks (3.8.0)
      diff-lcs (>= 1.2.0, < 2.0)
      rspec-support (~> 3.8.0)
    rspec-support (3.8.0)
    sinatra (2.0.5)
      mustermann (~> 1.0)
      rack (~> 2.0)
      rack-protection (= 2.0.5)
      tilt (~> 2.0)
    sinatra-contrib (2.0.5)
      backports (>= 2.8.2)
      multi_json
      mustermann (~> 1.0)
      rack-protection (= 2.0.5)
      sinatra (= 2.0.5)
      tilt (>= 1.3, < 3)
    strings (0.1.5)
      strings-ansi (~> 0.1)
      unicode-display_width (~> 1.5)
      unicode_utils (~> 1.4)
    strings-ansi (0.1.0)
    thor (0.20.3)
    tilt (2.0.9)
    tty-color (0.5.0)
    tty-pager (0.12.1)
      strings (~> 0.1.4)
      tty-screen (~> 0.6)
      tty-which (~> 0.4)
    tty-screen (0.6.5)
    tty-tree (0.3.0)
    tty-which (0.4.1)
    unicode-display_width (1.6.0)
    unicode_utils (1.4.0)

PLATFORMS
  ruby

DEPENDENCIES
  faker
  onlyoffice_bugzilla_helper!
  puma
  redis
  rspec
  sinatra
  sinatra-contrib

BUNDLED WITH
   1.16.6
